GEM
  remote: https://rubygems.org/
  specs:
    json (1.8.1)
    levenshtein (0.2.2)
    mini_portile (0.6.0)
    nokogiri (1.6.3.1)
      mini_portile (= 0.6.0)

PLATFORMS
  ruby

DEPENDENCIES
  json
  levenshtein
  nokogiri
